GEM
  remote: https://rubygems.org/
  specs:
    bubble-wrap (1.3.0.osx)
    motion-require (0.0.6)
    motion-support (0.2.4)
      motion-require (>= 0.0.6)
    motion_model (0.4.4)
      bubble-wrap (= 1.3.0.osx)
      motion-support (>= 0.1.0)
    rake (10.0.4)

PLATFORMS
  ruby

DEPENDENCIES
  motion_model
  rake
