GIT
  remote: git@github.com:stabenfeldt/MotionModel.git
  revision: f346ad3e9f0374cbd0fa5bfff612c06d3b58ed85
  specs:
    motion_model (0.4.4)
      bubble-wrap (= 1.3.0)
      motion-support (>= 0.1.0)

GIT
  remote: https://github.com/rubymotion/BubbleWrap
  revision: e72f5a4f523aef396af073647f92589e02a82a88
  specs:
    bubble-wrap (1.3.0)

GEM
  remote: https://rubygems.org/
  specs:
    motion-require (0.0.6)
    motion-support (0.2.4)
      motion-require (>= 0.0.6)
    motion-testflight (1.5)
    rake (10.0.4)
    rubymotion_generators (0.1.0)
      thor (~> 0.15)
    thor (0.18.1)

PLATFORMS
  ruby

DEPENDENCIES
  bubble-wrap!
  motion-testflight
  motion_model!
  rake
  rubymotion_generators
