GEM
  remote: https://rubygems.org/
  specs:
    ParseModel (0.0.6)
    rake (10.0.4)

PLATFORMS
  ruby

DEPENDENCIES
  ParseModel
  rake
