GEM
  remote: http://rubygems.org/
  specs:
    bubble-wrap (1.2.0)
    rake (10.0.4)

PLATFORMS
  ruby

DEPENDENCIES
  bubble-wrap
  rake
